PATH
  remote: .
  specs:
    undll32 (0.3.4)

GEM
  remote: https://rubygems.org/
  specs:
    rake (13.0.3)

PLATFORMS
  ruby
  x64-mingw32

DEPENDENCIES
  bundler (~> 2.2.9)
  rake (~> 13.0)
  undll32!

BUNDLED WITH
   2.2.9
