PATH
  remote: .
  specs:
    undll32 (0.1.0)

GEM
  remote: https://rubygems.org/
  specs:
    rake (10.5.0)

PLATFORMS
  x64-mingw32

DEPENDENCIES
  bundler (~> 1.16)
  rake (~> 10.0)
  undll32!

BUNDLED WITH
   1.16.2
