PATH
  remote: .
  specs:
    undll32 (0.1.0)

GEM
  remote: https://rubygems.org/
  specs:
    rake (13.0.1)

PLATFORMS
  ruby
  x64-mingw32

DEPENDENCIES
  bundler (~> 1.16)
  rake (~> 13.0)
  undll32!

BUNDLED WITH
   1.16.2
